PATH
  remote: .
  specs:
    sinatra (1.2.0.a)
      rack (~> 1.1)
      tilt (>= 1.2.2, < 2.0)

GEM
  remote: http://rubygems.org/
  specs:
    RedCloth (4.2.7)
    RedCloth (4.2.7-java)
    abstract (1.0.0)
    builder (3.0.0)
    coffee-script (2.1.3)
      coffee-script-source
    coffee-script-source (1.0.1)
    erubis (2.6.6)
      abstract (>= 1.0.0)
    haml (3.0.25)
    json (1.5.1)
    json (1.5.1-java)
    less (1.2.21)
      mutter (>= 0.4.2)
      treetop (>= 1.4.2)
    liquid (2.2.2)
    markaby (0.7.1)
      builder (>= 2.0.0)
    mutter (0.5.3)
    nokogiri (1.4.4)
    nokogiri (1.4.4-java)
      weakling (>= 0.0.3)
    polyglot (0.3.1)
    rack (1.2.1)
    rack-test (0.5.7)
      rack (>= 1.0)
    radius (0.6.1)
    rake (0.8.7)
    rdiscount (1.6.8)
    rdoc (3.5.3)
    shotgun (0.8)
      rack (>= 1.0)
    slim (0.9.0)
      temple (~> 0.1.7)
      tilt (~> 1.2)
    temple (0.1.7)
    tilt (1.2.2)
    treetop (1.4.9)
      polyglot (>= 0.3.1)
    weakling (0.0.4-java)

PLATFORMS
  java
  ruby

DEPENDENCIES
  RedCloth
  builder
  coffee-script (>= 2.0)
  erubis
  haml (>= 3.0)
  json
  less
  liquid
  markaby
  nokogiri
  rack-test (>= 0.5.6)
  radius
  rake
  rdiscount
  rdoc
  shotgun (~> 0.6)
  sinatra!
  slim
